GEM
  remote: http://rubygems.org/
  specs:
    cinch (1.1.1)
    nokogiri (1.4.4)

PLATFORMS
  ruby

DEPENDENCIES
  cinch
  nokogiri
